GEM
  remote: https://rubygems.org/
  specs:
    activemodel (3.2.18)
      activesupport (= 3.2.18)
      builder (~> 3.0.0)
    activesupport (3.2.18)
      i18n (~> 0.6, >= 0.6.4)
      multi_json (~> 1.0)
    addressable (2.3.6)
    archive-tar-minitar (0.5.2)
    builder (3.0.4)
    capistrano (2.15.5)
      highline
      net-scp (>= 1.0.0)
      net-sftp (>= 2.0.0)
      net-ssh (>= 2.0.14)
      net-ssh-gateway (>= 1.1.0)
    dotenv (0.11.1)
      dotenv-deployment (~> 0.0.2)
    dotenv-deployment (0.0.2)
    highline (1.6.21)
    hoe (3.12.0)
      rake (>= 0.8, < 11.0)
    i18n (0.6.9)
    json (1.8.1)
    mime-types (1.16)
      archive-tar-minitar (~> 0.5)
      hoe (>= 1.8.3)
      nokogiri (~> 1.2)
      rcov (~> 0.8)
    multi_json (1.10.1)
    net-scp (1.2.1)
      net-ssh (>= 2.6.5)
    net-sftp (2.1.2)
      net-ssh (>= 2.6.5)
    net-ssh (2.9.1)
    net-ssh-gateway (1.2.0)
      net-ssh (>= 2.6.5)
    nokogiri (1.5.11)
    oauth (0.4.7)
    open4 (1.3.4)
    rack (1.5.2)
    rack-protection (1.5.3)
      rack
    rake (10.3.2)
    rcov (0.9.11)
    recap (1.2.2)
      capistrano (~> 2.9)
      open4
      thor
    rest-client (1.6.7)
      mime-types (>= 1.16)
    ruby-trello (1.1.1)
      activemodel (>= 3.2.0)
      addressable (~> 2.3)
      json
      oauth (~> 0.4.5)
      rest-client (~> 1.6.7)
    sinatra (1.4.5)
      rack (~> 1.4)
      rack-protection (~> 1.4)
      tilt (~> 1.3, >= 1.3.4)
    thor (0.19.1)
    tilt (1.4.1)

PLATFORMS
  ruby

DEPENDENCIES
  activemodel (~> 3.2.0)
  dotenv
  mime-types (~> 1.16.0)
  nokogiri (~> 1.5.0)
  recap
  ruby-trello
  sinatra
